GEM
  remote: http://rubygems.org/
  specs:
    rake (10.4.2)

PLATFORMS
  ruby
  x86-mingw32

DEPENDENCIES
  rake
